PATH
  remote: .
  specs:
    newrelic-faraday (0.6.6)
      faraday (< 0.9)
      faraday (>= 0.6)
      newrelic_rpm (~> 3.0)

GEM
  remote: http://rubygems.org/
  specs:
    diff-lcs (1.1.3)
    faraday (0.8.4)
      multipart-post (~> 1.1)
    multipart-post (1.1.5)
    newrelic_rpm (3.5.4.34)
    rspec (2.12.0)
      rspec-core (~> 2.12.0)
      rspec-expectations (~> 2.12.0)
      rspec-mocks (~> 2.12.0)
    rspec-core (2.12.2)
    rspec-expectations (2.12.1)
      diff-lcs (~> 1.1.3)
    rspec-mocks (2.12.1)

PLATFORMS
  ruby

DEPENDENCIES
  faraday
  newrelic-faraday!
  newrelic_rpm
  rspec
